GEM
  remote: https://rubygems.org/
  specs:
    byebug (6.0.2)
    json (1.8.3)
    jwt (1.5.1)
    mysql2 (0.4.1)
    rack (1.6.4)
    rack-protection (1.5.3)
      rack
    sinatra (1.4.6)
      rack (~> 1.4)
      rack-protection (~> 1.4)
      tilt (>= 1.3, < 3)
    tilt (2.0.1)

PLATFORMS
  ruby

DEPENDENCIES
  byebug
  json
  jwt
  mysql2
  sinatra
